GIT
  remote: git://github.com/ArgoNavisDev/yelp_scrape.git
  revision: 93bc9ac0bb12f3ab97b0a35a4054b068b0e2ebc2
  ref: 93bc9ac
  specs:
    yelp_scrape (0.1.0)
      faraday_middleware (~> 0.6.3)
      nokogiri (~> 1.4.4)

GIT
  remote: https://github.com/ArgoNavisDev/grub_scrape.git
  revision: 26fce3afbdfbd312271e3d4f13bfbe69fa499058
  ref: 26fce3a
  specs:
    grub_scrape (0.1.pre)
      faraday (~> 0.6.1)
      faraday_middleware (~> 0.6.3)
      nokogiri (~> 1.4.4)

GIT
  remote: https://github.com/ArgoNavisDev/menu_scrape.git
  revision: 3aecd8bc8065181de2ab99728cc97cf4e25a5910
  ref: 3aecd8b
  specs:
    menu_scrape (0.1.pre)
      faraday (~> 0.6.1)
      faraday_middleware (~> 0.6.3)
      nokogiri (~> 1.4.4)

GIT
  remote: https://github.com/nesquena/rabl.git
  revision: b552e7113e20f03e24964c02a19af9f5829c9a02
  ref: b552e71
  specs:
    rabl (0.2.8)

GIT
  remote: https://github.com/nex3/haml.git
  revision: ffb73065aa2843b73b4a85766085cc93b9c8fd85
  ref: ffb7306
  specs:
    haml (3.2.0.alpha.0)

GIT
  remote: https://github.com/pengwynn/faraday_middleware.git
  revision: 5466bad59cd8d718a8dcfd33eb767f18acb4d86f
  ref: 5466bad
  specs:
    faraday_middleware (0.6.3)
      faraday (~> 0.6.0)

GIT
  remote: https://github.com/sporkmonger/addressable.git
  revision: cfd786b792dda11f8317ab24d7161fe31f56a9b6
  ref: cfd786b
  specs:
    addressable (2.2.5)

GIT
  remote: https://github.com/technoweenie/faraday.git
  revision: 6411855dce705d873e64139d9f97f92dcfae7956
  ref: 6411855
  specs:
    faraday (0.6.1)
      addressable (~> 2.2.4)
      multipart-post (~> 1.1.0)
      rack (>= 1.1.0, < 2)

GIT
  remote: https://github.com/thoughtbot/cocaine.git
  revision: 091cc7ce7f2c6a75ffde9a1ef13cae0a2e804a95
  ref: 091cc7c
  specs:
    cocaine (0.1.0)

GIT
  remote: https://github.com/thoughtbot/paperclip.git
  revision: e703662fd40fe43ec7af76266f1e897e9471a873
  ref: e703662
  specs:
    paperclip (2.3.10)
      activerecord (>= 2.3.0)
      activesupport (>= 2.3.2)
      cocaine (>= 0.0.2)

GIT
  remote: https://github.com/wtn/insta_scrape.git
  revision: 9043e13cdccdccb1d82e6d1c6a91ec22d0f75b39
  ref: 9043e13
  specs:
    insta_scrape (0.0.1.pre)
      faraday (~> 0.6.1)
      faraday_middleware (~> 0.6.3)
      json

GIT
  remote: https://github.com/xspond/will_paginate.git
  revision: 7dfc31d01982a801b1c96211ad4b0d83b1dd0804
  ref: 7dfc31d
  specs:
    will_paginate (3.0.pre3)

GEM
  remote: http://rubygems.org/
  specs:
    actionmailer (3.1.0.rc4)
      actionpack (= 3.1.0.rc4)
      mail (~> 2.3.0)
    actionpack (3.1.0.rc4)
      activemodel (= 3.1.0.rc4)
      activesupport (= 3.1.0.rc4)
      builder (~> 3.0.0)
      erubis (~> 2.7.0)
      i18n (~> 0.6)
      rack (~> 1.3.0)
      rack-cache (~> 1.0.1)
      rack-mount (~> 0.8.1)
      rack-test (~> 0.6.0)
      sprockets (~> 2.0.0.beta.10)
      tzinfo (~> 0.3.27)
    activemodel (3.1.0.rc4)
      activesupport (= 3.1.0.rc4)
      bcrypt-ruby (~> 2.1.4)
      builder (~> 3.0.0)
      i18n (~> 0.6)
    activerecord (3.1.0.rc4)
      activemodel (= 3.1.0.rc4)
      activesupport (= 3.1.0.rc4)
      arel (~> 2.1.1)
      tzinfo (~> 0.3.27)
    activeresource (3.1.0.rc4)
      activemodel (= 3.1.0.rc4)
      activesupport (= 3.1.0.rc4)
    activesupport (3.1.0.rc4)
      multi_json (~> 1.0)
    arel (2.1.1)
    attribute_normalizer (0.3.1)
    aws-s3 (0.6.2)
      builder
      mime-types
      xml-simple
    bcrypt-ruby (2.1.4)
    builder (3.0.0)
    cancan (1.6.5)
    coffee-script (2.2.0)
      coffee-script-source
      execjs
    coffee-script-source (1.1.1)
    daemons (1.1.4)
    dalli (1.0.5)
    devise (1.4.2)
      bcrypt-ruby (~> 2.1.2)
      orm_adapter (~> 0.0.3)
      warden (~> 1.0.3)
    diff-lcs (1.1.2)
    erubis (2.7.0)
    escape (0.0.4)
    eventmachine (0.12.10)
    execjs (1.2.0)
      multi_json (~> 1.0)
    factory_girl (1.3.3)
    factory_girl_generator (0.0.2)
    factory_girl_rails (1.0.1)
      factory_girl (~> 1.3)
      railties (>= 3.0.0)
    foreman (0.18.0)
      term-ansicolor (~> 1.0.5)
      thor (>= 0.13.6)
    geokit (1.5.0)
    haml-rails (0.3.4)
      actionpack (~> 3.0)
      activesupport (~> 3.0)
      haml (~> 3.0)
      railties (~> 3.0)
    haversine (0.2.0)
    hike (1.1.0)
    i18n (0.6.0)
    jquery-rails (1.0.12)
      railties (~> 3.0)
      thor (~> 0.14)
    json (1.5.3)
    mail (2.3.0)
      i18n (>= 0.4.0)
      mime-types (~> 1.16)
      treetop (~> 1.4.8)
    mime-types (1.16)
    multi_json (1.0.3)
    multipart-post (1.1.2)
    nokogiri (1.4.6)
    orm_adapter (0.0.5)
    pg (0.11.0)
    polyglot (0.3.1)
    pr_geohash (1.0.0)
    rack (1.3.0)
    rack-cache (1.0.2)
      rack (>= 0.4)
    rack-mount (0.8.1)
      rack (>= 1.0.0)
    rack-ssl (1.3.2)
      rack
    rack-test (0.6.0)
      rack (>= 1.0)
    rails (3.1.0.rc4)
      actionmailer (= 3.1.0.rc4)
      actionpack (= 3.1.0.rc4)
      activerecord (= 3.1.0.rc4)
      activeresource (= 3.1.0.rc4)
      activesupport (= 3.1.0.rc4)
      bundler (~> 1.0)
      railties (= 3.1.0.rc4)
    railties (3.1.0.rc4)
      actionpack (= 3.1.0.rc4)
      activesupport (= 3.1.0.rc4)
      rack-ssl (~> 1.3.2)
      rake (>= 0.8.7)
      rdoc (~> 3.4)
      thor (~> 0.14.6)
    rake (0.9.2)
    rdoc (3.6.1)
    remarkable (4.0.0.alpha4)
      rspec (>= 2.0.0.alpha11)
    remarkable_activemodel (4.0.0.alpha4)
      remarkable (~> 4.0.0.alpha4)
      rspec (>= 2.0.0.alpha11)
    remarkable_activerecord (4.0.0.alpha4)
      remarkable (~> 4.0.0.alpha4)
      remarkable_activemodel (~> 4.0.0.alpha4)
      rspec (>= 2.0.0.alpha11)
    rsolr (0.12.1)
      builder (>= 2.1.2)
    rspec (2.6.0)
      rspec-core (~> 2.6.0)
      rspec-expectations (~> 2.6.0)
      rspec-mocks (~> 2.6.0)
    rspec-core (2.6.4)
    rspec-expectations (2.6.0)
      diff-lcs (~> 1.1.2)
    rspec-mocks (2.6.0)
    rspec-rails (2.6.1)
      actionpack (~> 3.0)
      activesupport (~> 3.0)
      railties (~> 3.0)
      rspec (~> 2.6.0)
    sass (3.1.3)
    sass-rails (3.1.0.rc.3)
      actionpack (~> 3.1.0.rc1)
      railties (~> 3.1.0.rc1)
      sass (>= 3.1.3)
      sprockets (>= 2.0.0.beta.9)
    sprockets (2.0.0.beta.10)
      hike (~> 1.0)
      rack (~> 1.0)
      tilt (!= 1.3.0, ~> 1.1)
    sunspot (1.2.1)
      escape (= 0.0.4)
      pr_geohash (~> 1.0)
      rsolr (= 0.12.1)
    sunspot_rails (1.2.1)
      nokogiri
      sunspot (= 1.2.1)
    term-ansicolor (1.0.5)
    therubyracer-heroku (0.8.1.pre3)
    thin (1.2.11)
      daemons (>= 1.0.9)
      eventmachine (>= 0.12.6)
      rack (>= 1.0.0)
    thor (0.14.6)
    tilt (1.3.2)
    treetop (1.4.9)
      polyglot (>= 0.3.1)
    tzinfo (0.3.28)
    uglifier (1.0.0)
      execjs (>= 0.3.0)
      multi_json (>= 1.0.2)
    warden (1.0.4)
      rack (>= 1.0)
    xml-simple (1.1.0)

PLATFORMS
  ruby

DEPENDENCIES
  addressable!
  attribute_normalizer
  aws-s3 (= 0.6.2)
  cancan (= 1.6.5)
  cocaine!
  coffee-script
  dalli (= 1.0.5)
  devise (= 1.4.2)
  factory_girl_generator (= 0.0.2)
  factory_girl_rails (= 1.0.1)
  faraday!
  faraday_middleware!
  foreman
  geokit (= 1.5.0)
  grub_scrape!
  haml!
  haml-rails
  haversine (= 0.2.0)
  insta_scrape!
  jquery-rails
  menu_scrape!
  paperclip!
  pg
  rabl!
  rack-cache
  rails (= 3.1.0.rc4)
  remarkable_activerecord (= 4.0.0.alpha4)
  rspec
  rspec-rails (= 2.6.1)
  sass-rails (~> 3.1.0.rc2)
  sunspot_rails (= 1.2.1)
  therubyracer-heroku (= 0.8.1.pre3)
  thin
  uglifier
  will_paginate!
  yelp_scrape!
